GEM
  remote: https://rubygems.org/
  specs:
    activemodel (5.0.2)
      activesupport (= 5.0.2)
    activerecord (5.0.2)
      activemodel (= 5.0.2)
      activesupport (= 5.0.2)
      arel (~> 7.0)
    activesupport (5.0.2)
      concurrent-ruby (~> 1.0, >= 1.0.2)
      i18n (~> 0.7)
      minitest (~> 5.1)
      tzinfo (~> 1.1)
    arel (7.1.4)
    awesome_print (1.7.0)
    colsole (0.4.1)
    concurrent-ruby (1.0.5)
    docopt (0.6.0)
    i18n (0.8.1)
    minitest (5.10.1)
    require_all (1.4.0)
    runfile (0.9.1)
      colsole (~> 0.4)
      docopt (~> 0.5)
    sqlite3 (1.3.13)
    thread_safe (0.3.6)
    tzinfo (1.2.3)
      thread_safe (~> 0.1)

PLATFORMS
  ruby

DEPENDENCIES
  activerecord
  awesome_print
  require_all
  runfile
  sqlite3

BUNDLED WITH
   1.14.6
