GEM
  remote: https://rubygems.org/
  specs:
    activemodel (7.0.7.2)
      activesupport (= 7.0.7.2)
    activerecord (7.0.7.2)
      activemodel (= 7.0.7.2)
      activesupport (= 7.0.7.2)
    activesupport (7.0.7.2)
      concurrent-ruby (~> 1.0, >= 1.0.2)
      i18n (>= 1.6, < 2)
      minitest (>= 5.1)
      tzinfo (~> 2.0)
    awesome_print (1.9.2)
    colsole (1.0.0)
    concurrent-ruby (1.2.2)
    docopt_ng (0.7.1)
    gtx (0.1.0)
    i18n (1.14.1)
      concurrent-ruby (~> 1.0)
    mini_portile2 (2.8.4)
    minitest (5.19.0)
    require_all (3.0.0)
    requires (1.0.1)
    runfile (1.0.1)
      colsole (>= 0.8.2, < 2.0)
      docopt_ng (~> 0.7)
      gtx (~> 0.1)
      requires (>= 0.2, < 2.0)
    sqlite3 (1.6.3)
      mini_portile2 (~> 2.8.0)
    tzinfo (2.0.6)
      concurrent-ruby (~> 1.0)

PLATFORMS
  ruby

DEPENDENCIES
  activerecord
  awesome_print
  require_all
  runfile
  sqlite3

BUNDLED WITH
   2.3.26
